GEM
  remote: https://rubygems.org/
  specs:
    awesome_print (1.0.2)
    erubis (2.7.0)
    faraday (0.8.0)
      multipart-post (~> 1.1)
    hashie (1.2.0)
    html_truncator (0.3.0)
      nokogiri (~> 1.4)
    httpauth (0.1)
    json (1.7.3)
    multi_json (1.3.5)
    multipart-post (1.1.5)
    nokogiri (1.5.2)
    oauth2 (0.6.1)
      faraday (~> 0.7)
      httpauth (~> 0.1)
      multi_json (~> 1.3)
    omniauth (1.1.0)
      hashie (~> 1.2)
      rack
    omniauth-github (1.0.1)
      omniauth (~> 1.0)
      omniauth-oauth2 (~> 1.0)
    omniauth-oauth2 (1.0.2)
      oauth2 (~> 0.6.0)
      omniauth (~> 1.0)
    rack (1.4.1)
    rack-protection (1.2.0)
      rack
    sinatra (1.3.2)
      rack (~> 1.3, >= 1.3.6)
      rack-protection (~> 1.2)
      tilt (~> 1.3, >= 1.3.3)
    tilt (1.3.3)

PLATFORMS
  ruby

DEPENDENCIES
  awesome_print
  erubis (~> 2.7.0)
  html_truncator
  json
  omniauth-github
  sinatra (~> 1.3.2)
